GEM
  remote: https://rubygems.org/
  specs:
    adsf (1.1.1)
      rack (>= 1.0.0)
    colored (1.2)
    cri (2.4.0)
      colored (>= 1.2)
    kramdown (1.2.0)
    nanoc (3.6.6)
      cri (~> 2.3)
    rack (1.5.2)

PLATFORMS
  ruby

DEPENDENCIES
  adsf
  kramdown
  nanoc
